GEM
  remote: https://rubygems.org/
  specs:
    async (2.6.2)
      console (~> 1.10)
      fiber-annotation
      io-event (~> 1.1)
      timers (~> 4.1)
    async-container (0.16.12)
      async
      async-io
    async-http (0.60.2)
      async (>= 1.25)
      async-io (>= 1.28)
      async-pool (>= 0.2)
      protocol-http (~> 0.24.0)
      protocol-http1 (~> 0.15.0)
      protocol-http2 (~> 0.15.0)
      traces (>= 0.10.0)
    async-http-cache (0.4.3)
      async-http (~> 0.56)
    async-io (1.35.0)
      async
    async-pool (0.4.0)
      async (>= 1.25)
    build-environment (1.13.0)
    console (1.17.2)
      fiber-annotation
      fiber-local
    core-extension (0.4.2)
    core-global (0.2.0)
      core-extension (~> 0.3)
    core-handler (0.1.3)
      core-extension (~> 0.3)
      core-inspect (~> 0.0)
      core-pipeline (~> 0.5)
      core-state (~> 0.1)
    core-inspect (0.1.1)
      core-extension (~> 0.3)
      core-local (~> 0.0)
      core-state (~> 0.0)
    core-local (0.1.2)
      core-extension (~> 0.3)
      core-global (~> 0.0)
    core-pipeline (0.5.2)
      core-extension (~> 0.3)
      core-inspect (~> 0.0)
      core-state (~> 0.0)
    core-state (0.1.8)
      core-extension (~> 0.3)
      core-local (~> 0.1)
    falcon (0.42.3)
      async
      async-container (~> 0.16.0)
      async-http (~> 0.57)
      async-http-cache (~> 0.4.0)
      async-io (~> 1.22)
      build-environment (~> 1.13)
      bundler
      localhost (~> 1.1)
      openssl (~> 3.0)
      process-metrics (~> 0.2.0)
      protocol-rack (~> 0.1)
      samovar (~> 2.1)
    fiber-annotation (0.2.0)
    fiber-local (1.0.0)
    goru (0.2.0)
      core-extension (~> 0.4)
      core-global (~> 0.2)
      core-handler (~> 0.1)
      nio4r (~> 2.5)
      timers (~> 4.3)
    httpray (1.1.3)
    io-event (1.2.2)
    localhost (1.1.10)
    mapping (1.1.1)
    mustermann (3.0.0)
      ruby2_keywords (~> 0.0.1)
    nio4r (2.5.9)
    openssl (3.1.0)
    parallel (1.23.0)
    polyphony (1.2.1)
    process-metrics (0.2.1)
      console (~> 1.8)
      samovar (~> 2.1)
    protocol-hpack (1.4.2)
    protocol-http (0.24.3)
    protocol-http1 (0.15.0)
      protocol-http (~> 0.22)
    protocol-http2 (0.15.1)
      protocol-hpack (~> 1.4)
      protocol-http (~> 0.18)
    protocol-rack (0.2.6)
      protocol-http (~> 0.23)
      rack (>= 1.0)
    rack (2.2.7)
    rack-protection (3.0.6)
      rack
    ruby2_keywords (0.0.5)
    samovar (2.1.4)
      console (~> 1.0)
      mapping (~> 1.0)
    sinatra (3.0.6)
      mustermann (~> 3.0)
      rack (~> 2.2, >= 2.2.4)
      rack-protection (= 3.0.6)
      tilt (~> 2.0)
    tilt (2.2.0)
    timers (4.3.5)
    traces (0.10.0)

PLATFORMS
  arm64-darwin-22
  x86_64-linux

DEPENDENCIES
  async
  async-http
  falcon
  goru
  httpray
  parallel
  polyphony
  sinatra

RUBY VERSION
   ruby 3.2.0p0

BUNDLED WITH
   2.4.6
